GEM
  remote: http://rubygems.org/
  specs:
    cinch (2.1.0)

PLATFORMS
  ruby

DEPENDENCIES
  cinch
